GEM
  remote: http://rubygems.org/
  specs:
    Ascii85 (1.0.1)
    RedCloth (4.2.9)
    actionmailer (3.1.0)
      actionpack (= 3.1.0)
      mail (~> 2.3.0)
    actionpack (3.1.0)
      activemodel (= 3.1.0)
      activesupport (= 3.1.0)
      builder (~> 3.0.0)
      erubis (~> 2.7.0)
      i18n (~> 0.6)
      rack (~> 1.3.2)
      rack-cache (~> 1.0.3)
      rack-mount (~> 0.8.2)
      rack-test (~> 0.6.1)
      sprockets (~> 2.0.0)
    activemodel (3.1.0)
      activesupport (= 3.1.0)
      bcrypt-ruby (~> 3.0.0)
      builder (~> 3.0.0)
      i18n (~> 0.6)
    activerecord (3.1.0)
      activemodel (= 3.1.0)
      activesupport (= 3.1.0)
      arel (~> 2.2.1)
      tzinfo (~> 0.3.29)
    activeresource (3.1.0)
      activemodel (= 3.1.0)
      activesupport (= 3.1.0)
    activesupport (3.1.0)
      multi_json (~> 1.0)
    acts_as_list (0.1.6)
    arel (2.2.3)
    aws (2.5.6)
      http_connection
      uuidtools
      xml-simple
    backup (3.0.24)
      open4 (~> 1.3.0)
      thor (~> 0.14.6)
    bcrypt-ruby (3.0.1)
    builder (3.0.0)
    c2dm (0.2.1)
      httparty
      json
    cancan (1.6.7)
    carrierwave (0.5.8)
      activesupport (~> 3.0)
    client_side_validations (3.1.4)
    cocaine (0.2.1)
    devise (2.0.4)
      bcrypt-ruby (~> 3.0)
      orm_adapter (~> 0.0.3)
      railties (~> 3.1)
      warden (~> 1.1.1)
    devise_ldap_authenticatable (0.6.0)
      devise (>= 2.0.0)
      net-ldap (~> 0.2.2)
    dynamic_form (1.1.4)
    erubis (2.7.0)
    eventmachine (0.12.10)
    excon (0.8.0)
    fileutils (0.7)
      rmagick (>= 2.13.1)
    flash_cookie_session (1.1.3)
      rails (~> 3.0)
    fog (0.2.20)
      builder
      excon (>= 0.1.4)
      formatador (>= 0.0.10)
      json
      mime-types
      net-ssh
      nokogiri
      ruby-hmac
    foreigner (1.1.6)
      activerecord (>= 3.0.0)
    formatador (0.2.1)
    google-spreadsheet-ruby (0.1.1)
      hpricot (>= 0.3)
      oauth (>= 0.3.6)
    gruff (0.3.6)
    haml (3.1.4)
    hike (1.2.1)
    hpricot (0.8.6)
    htmlentities (4.3.1)
    http_connection (1.4.1)
    httparty (0.8.3)
      multi_json (~> 1.0)
      multi_xml
    i18n (0.6.0)
    imgkit (1.3.6)
    jquery-rails (1.0.19)
      railties (~> 3.0)
      thor (~> 0.14)
    json (1.7.0)
    mail (2.3.3)
      i18n (>= 0.4.0)
      mime-types (~> 1.16)
      treetop (~> 1.4.8)
    mime-types (1.18)
    mini_magick (3.4)
      subexec (~> 0.2.1)
    multi_json (1.3.4)
    multi_xml (0.4.4)
    mysql2 (0.3.11)
    net-ldap (0.2.2)
    net-ssh (2.3.0)
    nokogiri (1.3.3)
    oauth (0.4.6)
    open4 (1.3.0)
    orm_adapter (0.0.7)
    paperclip (3.0.2)
      activemodel (>= 3.0.0)
      activerecord (>= 3.0.0)
      activesupport (>= 3.0.0)
      cocaine (>= 0.0.2)
      mime-types
    pdf-reader (1.1.0)
      Ascii85 (~> 1.0.0)
      ruby-rc4
    pdf-toolkit (0.5.0)
      activesupport (> 0.0.0)
    pdfkit (0.5.2)
    plupload-rails3 (0.0.7)
    polyglot (0.3.3)
    prawn (0.12.0)
      pdf-reader (>= 0.9.0)
      ttfunk (~> 1.0.2)
    rack (1.3.6)
    rack-cache (1.0.3)
      rack (>= 0.4)
    rack-mount (0.8.3)
      rack (>= 1.0.0)
    rack-ssl (1.3.2)
      rack
    rack-test (0.6.1)
      rack (>= 1.0)
    rails (3.1.0)
      actionmailer (= 3.1.0)
      actionpack (= 3.1.0)
      activerecord (= 3.1.0)
      activeresource (= 3.1.0)
      activesupport (= 3.1.0)
      bundler (~> 1.0)
      railties (= 3.1.0)
    railties (3.1.0)
      actionpack (= 3.1.0)
      activesupport (= 3.1.0)
      rack-ssl (~> 1.3.2)
      rake (>= 0.8.7)
      rdoc (~> 3.4)
      thor (~> 0.14.6)
    rake (0.9.2.2)
    rdoc (3.12)
      json (~> 1.4)
    remotipart (1.0.2)
    rmagick (2.13.1)
    roo (1.9.3)
    ruby-hmac (0.4.0)
    ruby-ole (1.2.11.3)
    ruby-rc4 (0.1.5)
    ruby_parser (2.3.1)
      sexp_processor (~> 3.0)
    rubyzip (0.9.8)
    sanitize (1.1.0)
      nokogiri (~> 1.3.3)
    sexp_processor (3.2.0)
    simple-navigation (3.7.0)
      activesupport (>= 2.3.2)
    spreadsheet (0.6.9)
      ruby-ole (>= 1.0)
    sprockets (2.0.4)
      hike (~> 1.2)
      rack (~> 1.0)
      tilt (~> 1.1, != 1.3.0)
    sqlite3 (1.3.6)
    subexec (0.2.2)
    thor (0.14.6)
    tilt (1.3.3)
    treetop (1.4.10)
      polyglot
      polyglot (>= 0.3.1)
    ttfunk (1.0.3)
    tzinfo (0.3.29)
    uuidtools (2.1.2)
    warden (1.1.1)
      rack (>= 1.0)
    wicked_pdf (0.7.8)
    will_paginate (3.0.pre)
    xml-simple (1.1.1)
    xmpp4r (0.5)
    yajl-ruby (1.1.0)
    yaml_db (0.2.2)
    yard (0.8.1)

PLATFORMS
  ruby

DEPENDENCIES
  RedCloth
  acts_as_list
  arel
  aws
  backup
  bcrypt-ruby
  c2dm
  cancan
  carrierwave
  client_side_validations
  devise
  devise_ldap_authenticatable
  dynamic_form
  eventmachine
  excon (= 0.8.0)
  fileutils
  flash_cookie_session
  fog
  foreigner
  google-spreadsheet-ruby
  gruff
  haml
  hpricot
  htmlentities
  i18n
  imgkit
  jquery-rails
  mail
  mime-types
  mini_magick
  mysql2 (= 0.3.11)
  nokogiri (= 1.3.3)
  paperclip
  pdf-toolkit
  pdfkit
  plupload-rails3
  prawn
  rails (= 3.1.0)
  remotipart
  rmagick
  roo
  ruby_parser
  rubyzip
  sanitize
  simple-navigation
  spreadsheet
  sqlite3
  tzinfo (= 0.3.29)
  wicked_pdf
  will_paginate (= 3.0.pre)
  xmpp4r
  yajl-ruby
  yaml_db
  yard
